GEM
  remote: http://rubygems.org/
  specs:
    activesupport (2.3.18)
    daemons (1.2.4)
    eventmachine (1.2.3)
    faraday (0.12.0.1)
      multipart-post (>= 1.2, < 3)
    foreman (0.84.0)
      thor (~> 0.19.1)
    iconv (1.0.4)
    multipart-post (2.0.0)
    new_relic_insights (0.1.1)
      faraday
    rack (1.6.5)
    rack-protection (1.5.3)
      rack
    sinatra (1.4.8)
      rack (~> 1.5)
      rack-protection (~> 1.4)
      tilt (>= 1.3, < 3)
    thin (1.7.0)
      daemons (~> 1.0, >= 1.0.9)
      eventmachine (~> 1.0, >= 1.0.4)
      rack (>= 1, < 3)
    thor (0.19.4)
    tilt (2.0.7)
    yajl-ruby (1.3.0)

PLATFORMS
  ruby

DEPENDENCIES
  activesupport (~> 2.3)
  foreman
  iconv (~> 1.0.3)
  new_relic_insights
  sinatra
  thin
  yajl-ruby

BUNDLED WITH
   1.13.6
